GIT
  remote: https://github.com/faker-ruby/faker.git
  revision: 4ffc714029c1fe22eb0cf091295afa26cb5fa70c
  branch: master
  specs:
    faker (2.22.0)
      i18n (>= 1.8.11, < 2)

GEM
  remote: https://rubygems.org/
  specs:
    coderay (1.1.3)
    concurrent-ruby (1.1.10)
    dry-container (0.10.1)
      concurrent-ruby (~> 1.0)
    dry-core (0.8.1)
      concurrent-ruby (~> 1.0)
    dry-inflector (0.3.0)
    dry-logic (1.2.0)
      concurrent-ruby (~> 1.0)
      dry-core (~> 0.5, >= 0.5)
    dry-struct (1.4.0)
      dry-core (~> 0.5, >= 0.5)
      dry-types (~> 1.5)
      ice_nine (~> 0.11)
    dry-types (1.5.1)
      concurrent-ruby (~> 1.0)
      dry-container (~> 0.3)
      dry-core (~> 0.5, >= 0.5)
      dry-inflector (~> 0.1, >= 0.1.2)
      dry-logic (~> 1.0, >= 1.0.2)
    i18n (1.12.0)
      concurrent-ruby (~> 1.0)
    ice_nine (0.11.2)
    method_source (1.0.0)
    pry (0.13.1)
      coderay (~> 1.1)
      method_source (~> 1.0)
    rake (13.0.6)
    sequel (5.59.0)

PLATFORMS
  x86_64-linux

DEPENDENCIES
  dry-struct (~> 1.4)
  dry-types (~> 1.5, >= 1.5.1)
  faker!
  pry (~> 0.13.1)
  rake
  sequel (~> 5.59)

BUNDLED WITH
   2.3.17
